GEM
  remote: https://rubygems.org/
  specs:
    addressable (2.6.0)
      public_suffix (>= 2.0.2, < 4.0)
    ast (2.4.0)
    axiom-types (0.1.1)
      descendants_tracker (~> 0.0.4)
      ice_nine (~> 0.11.0)
      thread_safe (~> 0.3, >= 0.3.1)
    axlsx (2.0.1)
      htmlentities (~> 4.3.1)
      nokogiri (>= 1.4.1)
      rubyzip (~> 1.0.0)
    childprocess (0.9.0)
      ffi (~> 1.0, >= 1.0.11)
    codeclimate-engine-rb (0.4.1)
      virtus (~> 1.0)
    coercible (1.0.0)
      descendants_tracker (~> 0.0.1)
    descendants_tracker (0.0.4)
      thread_safe (~> 0.3, >= 0.3.1)
    equalizer (0.0.11)
    erubis (2.7.0)
    ffi (1.10.0-x64-mingw32)
    fileutils (1.1.0)
    flay (2.12.0)
      erubis (~> 2.7.0)
      path_expander (~> 1.0)
      ruby_parser (~> 3.0)
      sexp_processor (~> 4.0)
    flog (4.6.2)
      path_expander (~> 1.0)
      ruby_parser (~> 3.1, > 3.1.0)
      sexp_processor (~> 4.8)
    htmlentities (4.3.4)
    ice_nine (0.11.2)
    iniparse (1.4.4)
    jaro_winkler (1.5.2)
    launchy (2.4.3)
      addressable (~> 2.3)
    mini_portile2 (2.4.0)
    nokogiri (1.10.1-x64-mingw32)
      mini_portile2 (~> 2.4.0)
    overcommit (0.46.0)
      childprocess (~> 0.6, >= 0.6.3)
      iniparse (~> 1.4)
    parallel (1.13.0)
    parser (2.5.3.0)
      ast (~> 2.4.0)
    path_expander (1.0.3)
    powerpack (0.1.2)
    public_suffix (3.0.3)
    rainbow (3.0.0)
    reek (4.8.2)
      codeclimate-engine-rb (~> 0.4.0)
      parser (>= 2.5.0.0, < 2.6)
      rainbow (>= 2.0, < 4.0)
    rubocop (0.63.1)
      jaro_winkler (~> 1.5.1)
      parallel (~> 1.10)
      parser (>= 2.5, != 2.5.1.1)
      powerpack (~> 0.1)
      rainbow (>= 2.2.2, < 4.0)
      ruby-progressbar (~> 1.7)
      unicode-display_width (~> 1.4.0)
    ruby-progressbar (1.10.0)
    ruby_parser (3.12.0)
      sexp_processor (~> 4.9)
    rubycritic (3.5.2)
      flay (~> 2.8)
      flog (~> 4.4)
      launchy (= 2.4.3)
      parser (~> 2.5.0)
      rainbow (~> 3.0)
      reek (~> 4.4)
      ruby_parser (~> 3.8)
      tty-which (~> 0.3.0)
      virtus (~> 1.0)
    rubyzip (1.0.0)
    sexp_processor (4.11.0)
    thread_safe (0.3.6)
    tty-which (0.3.0)
    unicode-display_width (1.4.1)
    virtus (1.0.5)
      axiom-types (~> 0.1)
      coercible (~> 1.0)
      descendants_tracker (~> 0.0, >= 0.0.3)
      equalizer (~> 0.0, >= 0.0.9)

PLATFORMS
  x64-mingw32

DEPENDENCIES
  axlsx
  fileutils
  nokogiri
  overcommit
  rubocop
  rubycritic

BUNDLED WITH
   1.17.1
