GEM
  remote: https://rubygems.org/
  specs:
    ast (2.4.0)
    axlsx (2.0.1)
      htmlentities (~> 4.3.1)
      nokogiri (>= 1.4.1)
      rubyzip (~> 1.0.0)
    fileutils (1.1.0)
    htmlentities (4.3.4)
    jaro_winkler (1.5.2)
    mini_portile2 (2.4.0)
    nokogiri (1.10.0-x64-mingw32)
      mini_portile2 (~> 2.4.0)
    parallel (1.12.1)
    parser (2.5.3.0)
      ast (~> 2.4.0)
    powerpack (0.1.2)
    rainbow (3.0.0)
    rubocop (0.62.0)
      jaro_winkler (~> 1.5.1)
      parallel (~> 1.10)
      parser (>= 2.5, != 2.5.1.1)
      powerpack (~> 0.1)
      rainbow (>= 2.2.2, < 4.0)
      ruby-progressbar (~> 1.7)
      unicode-display_width (~> 1.4.0)
    ruby-progressbar (1.10.0)
    rubyzip (1.0.0)
    unicode-display_width (1.4.1)

PLATFORMS
  x64-mingw32

DEPENDENCIES
  axlsx
  fileutils
  nokogiri
  rubocop

BUNDLED WITH
   1.17.1
